GEM
  remote: http://rubygems.org/
  specs:
    cloudfiles (1.4.17)
      mime-types (>= 1.16)
    mime-types (1.16)
    rack (1.3.0)
    sinatra (1.2.6)
      rack (~> 1.1)
      tilt (>= 1.2.2, < 2.0)
    tilt (1.3.2)
    yajl-ruby (0.8.2)

PLATFORMS
  ruby

DEPENDENCIES
  cloudfiles
  sinatra
  yajl-ruby
