GEM
  remote: http://rubygems.org/
  specs:
    beanstalk-client (1.1.0)
    cloudfiles (1.4.17)
      mime-types (>= 1.16)
    json_pure (1.5.1)
    mime-types (1.16)
    rack (1.3.0)
    robustthread (0.5.2)
    sinatra (1.2.6)
      rack (~> 1.1)
      tilt (>= 1.2.2, < 2.0)
    stalker (0.9.0)
      beanstalk-client
      json_pure
    tilt (1.3.2)
    yajl-ruby (0.8.2)

PLATFORMS
  ruby

DEPENDENCIES
  cloudfiles
  robustthread
  sinatra
  stalker
  yajl-ruby
